GEM
  remote: https://rubygems.org/
  specs:
    builder (3.2.2)
    jwt (1.0.0)
    multi_json (1.10.0)
    rack (1.5.2)
    shotgun (0.9)
      rack (>= 1.0)
    sinatra (1.1.0)
      rack (~> 1.1)
      tilt (~> 1.1)
    tilt (1.4.1)
    twilio-ruby (3.11.5)
      builder (>= 2.1.2)
      jwt (>= 0.1.2)
      multi_json (>= 1.3.0)

PLATFORMS
  ruby

DEPENDENCIES
  shotgun
  sinatra (= 1.1.0)
  twilio-ruby
